GEM
  remote: http://rubygems.org/
  remote: http://gems.github.com/
  specs:
    ZenTest (4.6.2)
    autotest (4.4.6)
      ZenTest (>= 4.4.1)
    bouncy-castle-java (1.5.0145.2)
    builder (3.0.0)
    celerity (0.9.1)
    childprocess (0.2.3)
      ffi (~> 1.0.6)
    cucumber (1.1.3)
      builder (>= 2.1.2)
      diff-lcs (>= 1.1.2)
      gherkin (~> 2.6.7)
      json (>= 1.4.6)
      term-ansicolor (>= 1.0.6)
    diff-lcs (1.1.3)
    ffi (1.0.11-java)
    gherkin (2.6.8-java)
      json (>= 1.4.6)
    headless (0.2.2)
    jruby-openssl (0.7.2)
      bouncy-castle-java
    json (1.6.3-java)
    multi_json (1.0.4)
    nokogiri (1.5.0-java)
    rake (0.9.2.2)
    rspec (2.7.0)
      rspec-core (~> 2.7.0)
      rspec-expectations (~> 2.7.0)
      rspec-mocks (~> 2.7.0)
    rspec-core (2.7.1)
    rspec-expectations (2.7.0)
      diff-lcs (~> 1.1.2)
    rspec-mocks (2.7.0)
    rubyzip (0.9.5)
    selenium-webdriver (2.14.0)
      childprocess (>= 0.2.1)
      ffi (~> 1.0.9)
      multi_json (~> 1.0.4)
      rubyzip
    shoulda (2.11.3)
    term-ansicolor (1.0.7)
    watir-webdriver (0.3.9)
      selenium-webdriver (>= 2.12.0)

PLATFORMS
  java
  ruby

DEPENDENCIES
  autotest (= 4.4.6)
  celerity (= 0.9.1)
  cucumber (= 1.1.3)
  headless (= 0.2.2)
  jruby-openssl (= 0.7.2)
  nokogiri (= 1.5.0)
  rake (= 0.9.2.2)
  rspec (= 2.7.0)
  shoulda (= 2.11.3)
  watir-webdriver (= 0.3.9)
