GEM
  remote: https://rubygems.org/
  specs:
    builder (3.0.0)
    capybara (2.3.0)
      mime-types (>= 1.16)
      nokogiri (>= 1.3.3)
      rack (>= 1.0.0)
      rack-test (>= 0.5.4)
      xpath (~> 2.0)
    childprocess (0.2.3)
      ffi (~> 1.0.6)
    cucumber (1.1.3)
      builder (>= 2.1.2)
      diff-lcs (>= 1.1.2)
      gherkin (~> 2.6.7)
      json (>= 1.4.6)
      term-ansicolor (>= 1.0.6)
    diff-lcs (1.1.3)
    ffi (1.0.11)
    ffi (1.0.11-java)
    fivemat (1.3.1)
    gherkin (2.6.8)
      json (>= 1.4.6)
    gherkin (2.6.8-java)
      json (>= 1.4.6)
    headless (0.2.2)
    json (1.6.3)
    json (1.6.3-java)
    mime-types (2.3)
    mini_portile (0.6.0)
    multi_json (1.0.4)
    nokogiri (1.6.2.1)
      mini_portile (= 0.6.0)
    nokogiri (1.6.2.1-java)
    rack (1.5.2)
    rack-test (0.6.2)
      rack (>= 1.0)
    rspec (2.7.0)
      rspec-core (~> 2.7.0)
      rspec-expectations (~> 2.7.0)
      rspec-mocks (~> 2.7.0)
    rspec-core (2.7.1)
    rspec-expectations (2.7.0)
      diff-lcs (~> 1.1.2)
    rspec-mocks (2.7.0)
    rubyzip (0.9.5)
    selenium-webdriver (2.14.0)
      childprocess (>= 0.2.1)
      ffi (~> 1.0.9)
      multi_json (~> 1.0.4)
      rubyzip
    sikuli (0.2.4)
    term-ansicolor (1.0.7)
    viewcumber (0.2.2)
      capybara (>= 0.3)
      cucumber (>= 0.8.5)
    watir-webdriver (0.3.9)
      selenium-webdriver (>= 2.12.0)
    xpath (2.0.0)
      nokogiri (~> 1.3)

PLATFORMS
  java
  ruby

DEPENDENCIES
  capybara
  cucumber
  fivemat
  headless
  rspec
  selenium-webdriver
  sikuli (~> 0.2.2)
  viewcumber
  watir-webdriver (> 0)
